GEM
  remote: https://rubygems.org/
  specs:
    byebug (9.0.6)
    glu (8.2.2)
    glut (8.2.2)
    gosu (0.10.8)
    opengl (0.9.2)

PLATFORMS
  ruby

DEPENDENCIES
  byebug
  glu (~> 8.2, >= 8.2.2)
  glut (~> 8.2, >= 8.2.2)
  gosu (~> 0.10.8)
  opengl (~> 0.9.2)

BUNDLED WITH
   1.11.2
