GEM
  remote: https://rubygems.org/
  specs:
    certified (1.0.0)
    gosu (0.10.8)
    mini_portile2 (2.1.0)
    nokogiri (1.6.8.1)
      mini_portile2 (~> 2.1.0)
    ocra (1.3.6)
    perlin_noise (0.1.2)

PLATFORMS
  ruby

DEPENDENCIES
  certified (~> 1.0)
  gosu (~> 0.10.8)
  nokogiri
  ocra (~> 1.3, >= 1.3.6)
  perlin_noise

BUNDLED WITH
   1.13.1
